GEM
  remote: https://rubygems.org/
  specs:
    activesupport (6.1.4.7)
      concurrent-ruby (~> 1.0, >= 1.0.2)
      i18n (>= 1.6, < 2)
      minitest (>= 5.1)
      tzinfo (~> 2.0)
      zeitwerk (~> 2.3)
    addressable (2.8.6)
      public_suffix (>= 2.0.2, < 6.0)
    arel (8.0.0)
    ast (2.4.2)
    browsermob-proxy (0.1.7)
      childprocess
      har
      multi_json (~> 1.0)
      rest-client
    builder (3.2.4)
    capybara (3.37.1)
      addressable
      matrix
      mini_mime (>= 0.1.3)
      nokogiri (~> 1.8)
      rack (>= 1.6.0)
      rack-test (>= 0.6.3)
      regexp_parser (>= 1.5, < 3.0)
      xpath (~> 3.2)
    capybara-screenshot (1.0.26)
      capybara (>= 1.0, < 4)
      launchy
    childprocess (4.1.0)
    concurrent-ruby (1.1.10)
    cucumber (8.0.0)
      builder (~> 3.2, >= 3.2.4)
      cucumber-ci-environment (~> 9.0, >= 9.0.4)
      cucumber-core (~> 11.0, >= 11.0.0)
      cucumber-cucumber-expressions (~> 15.1, >= 15.1.1)
      cucumber-gherkin (~> 23.0, >= 23.0.1)
      cucumber-html-formatter (~> 19.1, >= 19.1.0)
      cucumber-messages (~> 18.0, >= 18.0.0)
      diff-lcs (~> 1.5, >= 1.5.0)
      mime-types (~> 3.4, >= 3.4.1)
      multi_test (~> 1.1, >= 1.1.0)
      sys-uname (~> 1.2, >= 1.2.2)
    cucumber-ci-environment (9.2.0)
    cucumber-core (11.0.0)
      cucumber-gherkin (~> 23.0, >= 23.0.1)
      cucumber-messages (~> 18.0, >= 18.0.0)
      cucumber-tag-expressions (~> 4.1, >= 4.1.0)
    cucumber-cucumber-expressions (15.2.0)
    cucumber-expressions (8.3.0)
    cucumber-gherkin (23.0.1)
      cucumber-messages (~> 18.0, >= 18.0.0)
    cucumber-html-formatter (19.2.0)
      cucumber-messages (~> 18.0, >= 18.0.0)
    cucumber-messages (18.0.0)
    cucumber-tag-expressions (4.1.0)
    cuke_modeler (3.17.0)
      cucumber-gherkin (< 25.0)
    diff-lcs (1.5.0)
    domain_name (0.5.20190701)
      unf (>= 0.0.5, < 1.0.0)
    faker (2.17.0)
      i18n (>= 1.6, < 2)
    ffi (1.15.5)
    ffi (1.15.5-x64-mingw32)
    guid (0.1.1)
    har (0.1.5)
      jschematic (>= 0.1.0)
      json
      launchy (>= 0.3.7)
    http-accept (1.7.0)
    http-cookie (1.0.5)
      domain_name (~> 0.5)
    httparty (0.18.1)
      mime-types (~> 3.0)
      multi_xml (>= 0.5.2)
    i18n (1.14.1)
      concurrent-ruby (~> 1.0)
    jschematic (0.1.0)
      addressable
    json (2.3.1)
    launchy (2.5.2)
      addressable (~> 2.8)
    little-plugger (1.1.4)
    logging (2.3.1)
      little-plugger (~> 1.1)
      multi_json (~> 1.14)
    matrix (0.4.2)
    mime-types (3.5.1)
      mime-types-data (~> 3.2015)
    mime-types-data (3.2023.0808)
    mini_mime (1.1.5)
    minitest (5.21.2)
    multi_json (1.15.0)
    multi_test (1.1.0)
    multi_xml (0.6.0)
    multipart-post (2.4.0)
    netrc (0.11.0)
    nokogiri (1.16.0-arm64-darwin)
      racc (~> 1.4)
    nokogiri (1.16.0-x64-mingw32)
      racc (~> 1.4)
    parallel (1.24.0)
    parallel_tests (3.7.3)
      parallel
    parser (3.2.2.3)
      ast (~> 2.4.1)
      racc
    power_assert (2.0.3)
    psych (4.0.6)
      stringio
    public_suffix (5.0.4)
    racc (1.7.1)
    rack (3.0.8)
    rack-test (2.1.0)
      rack (>= 1.3)
    rainbow (3.1.1)
    regexp_parser (2.9.0)
    report_builder (1.8)
      json (>= 1.8.1)
    rest-client (2.1.0)
      http-accept (>= 1.7.0, < 2.0)
      http-cookie (>= 1.0.2, < 2.0)
      mime-types (>= 1.16, < 4.0)
      netrc (~> 0.8)
    rest-client (2.1.0-x64-mingw32)
      ffi (~> 1.9)
      http-accept (>= 1.7.0, < 2.0)
      http-cookie (>= 1.0.2, < 2.0)
      mime-types (>= 1.16, < 4.0)
      netrc (~> 0.8)
    rexml (3.2.6)
    rspec (3.10.0)
      rspec-core (~> 3.10.0)
      rspec-expectations (~> 3.10.0)
      rspec-mocks (~> 3.10.0)
    rspec-core (3.10.2)
      rspec-support (~> 3.10.0)
    rspec-expectations (3.10.2)
      diff-lcs (>= 1.2.0, < 2.0)
      rspec-support (~> 3.10.0)
    rspec-mocks (3.10.3)
      diff-lcs (>= 1.2.0, < 2.0)
      rspec-support (~> 3.10.0)
    rspec-support (3.10.3)
    rubocop (1.24.1)
      parallel (~> 1.10)
      parser (>= 3.0.0.0)
      rainbow (>= 2.2.2, < 4.0)
      regexp_parser (>= 1.8, < 3.0)
      rexml
      rubocop-ast (>= 1.15.1, < 2.0)
      ruby-progressbar (~> 1.7)
      unicode-display_width (>= 1.4.0, < 3.0)
    rubocop-ast (1.29.0)
      parser (>= 3.2.1.0)
    rubocop-performance (1.19.0)
      rubocop (>= 1.7.0, < 2.0)
      rubocop-ast (>= 0.4.0)
    ruby-progressbar (1.13.0)
    rubyzip (2.3.2)
    selenium-webdriver (4.1.0)
      childprocess (>= 0.5, < 5.0)
      rexml (~> 3.2, >= 3.2.5)
      rubyzip (>= 1.2.2)
    stringio (3.0.8)
    sys-uname (1.2.3)
      ffi (~> 1.1)
    test-unit (3.6.1)
      power_assert
    tzinfo (2.0.6)
      concurrent-ruby (~> 1.0)
    unf (0.1.4)
      unf_ext
    unf_ext (0.0.8.2)
    unf_ext (0.0.8.2-x64-mingw32)
    unicode-display_width (2.5.0)
    uuidtools (2.2.0)
    webdrivers (5.3.1)
      nokogiri (~> 1.6)
      rubyzip (>= 1.3.0)
      selenium-webdriver (~> 4.0, < 4.11)
    webrick (1.8.1)
    xpath (3.2.0)
      nokogiri (~> 1.8)
    yaml (0.2.1)
    zeitwerk (2.6.12)

PLATFORMS
  arm64-darwin-21
  x64-mingw32

DEPENDENCIES
  activesupport (~> 6.1.4.1)
  arel (~> 8.0)
  browsermob-proxy
  capybara (~> 3.37.0)
  capybara-screenshot (~> 1.0.25)
  concurrent-ruby (~> 1.1.6)
  cucumber (~> 8.0.0)
  cucumber-core (~> 11.0.0)
  cucumber-expressions (~> 8.3.0)
  cuke_modeler (~> 3.17.0)
  faker (~> 2.17.0)
  guid
  httparty (~> 0.18.1)
  json (~> 2.3.1)
  logging (~> 2.3.0)
  multipart-post (~> 2.0)
  parallel_tests (~> 3.7.0)
  psych (~> 4.0, >= 4.0.4)
  report_builder (= 1.8)
  rest-client (~> 2.1)
  rspec (~> 3.10.0)
  rspec-expectations (~> 3.10.0)
  rubocop (~> 1.24.1)
  rubocop-performance
  selenium-webdriver (= 4.1.0)
  test-unit
  uuidtools (~> 2.2.0)
  webdrivers (~> 5.3.0)
  webrick
  yaml (~> 0.2.0)

BUNDLED WITH
   2.4.7
